GEM
  remote: http://rubygems.org/
  specs:
    activesupport (3.1.1)
      multi_json (~> 1.0)
    beefcake (0.3.2)
    bson (1.4.0)
    bson_ext (1.4.0)
    builder (2.1.2)
    excon (0.6.6)
    git (1.2.5)
    i18n (0.6.0)
    jeweler (1.6.4)
      bundler (~> 1.0)
      git (>= 1.2.5)
      rake
    minitest (2.7.0)
    multi_json (1.0.3)
    rake (0.9.2.2)
    rcov (0.9.11)
    riak-client (0.9.8)
      beefcake (= 0.3.2)
      builder (~> 2.1.2)
      i18n (>= 0.4.0)

PLATFORMS
  ruby

DEPENDENCIES
  activesupport (>= 2.3.5)
  bson
  bson_ext
  bundler (~> 1.0.0)
  excon
  i18n
  jeweler (~> 1.6.4)
  minitest
  rcov
  riak-client (~> 0.9.8)
